GEM
  remote: https://rubygems.org/
  specs:
    addressable (2.3.8)
    ast (2.0.0)
    astrolabe (1.3.1)
      parser (~> 2.2)
    autoprefixer-rails (2.2.0.20140804)
      execjs
    blankslate (2.1.2.4)
    byebug (5.0.0)
      columnize (= 0.9.0)
    celluloid (0.16.0)
      timers (~> 4.0.0)
    chunky_png (1.3.4)
    classifier-reborn (2.0.3)
      fast-stemmer (~> 1.0)
    coderay (1.1.0)
    coffee-script (2.4.1)
      coffee-script-source
      execjs
    coffee-script-source (1.9.1.1)
    colorator (0.1)
    colored (1.2)
    columnize (0.9.0)
    compass (1.0.3)
      chunky_png (~> 1.2)
      compass-core (~> 1.0.2)
      compass-import-once (~> 1.0.5)
      rb-fsevent (>= 0.9.3)
      rb-inotify (>= 0.9)
      sass (>= 3.3.13, < 3.5)
    compass-core (1.0.3)
      multi_json (~> 1.0)
      sass (>= 3.3.0, < 3.5)
    compass-h5bp (1.0.0)
      compass (~> 1.0, >= 1.0.3)
    compass-import-once (1.0.5)
      sass (>= 3.2, < 3.5)
    css_press (0.3.2)
      csspool-st (= 3.1.2)
      json
    csspool-st (3.1.2)
    ethon (0.7.4)
      ffi (>= 1.3.0)
    execjs (2.5.2)
    fast-stemmer (1.0.2)
    ffi (1.9.10)
    font-awesome-sass (4.3.2.1)
      sass (~> 3.2)
    hitimes (1.2.2)
    html-proofer (2.3.0)
      addressable (~> 2.3)
      colored (~> 1.2)
      mercenary (~> 0.3.2)
      nokogiri (~> 1.5)
      parallel (~> 1.3)
      typhoeus (~> 0.7)
      yell (~> 2.0)
    html_press (0.8.2)
      htmlentities
      multi_css (>= 0.1.0)
      multi_js (>= 0.1.0)
    htmlentities (4.3.4)
    jekyll (2.5.3)
      classifier-reborn (~> 2.0)
      colorator (~> 0.1)
      jekyll-coffeescript (~> 1.0)
      jekyll-gist (~> 1.0)
      jekyll-paginate (~> 1.0)
      jekyll-sass-converter (~> 1.0)
      jekyll-watch (~> 1.1)
      kramdown (~> 1.3)
      liquid (~> 2.6.1)
      mercenary (~> 0.3.3)
      pygments.rb (~> 0.6.0)
      redcarpet (~> 3.1)
      safe_yaml (~> 1.0)
      toml (~> 0.1.0)
    jekyll-auto-image (1.0.1)
      jekyll (~> 2.0)
    jekyll-coffeescript (1.0.1)
      coffee-script (~> 2.2)
    jekyll-compass (1.2.0)
      compass (~> 1.0)
      jekyll (~> 2.0)
    jekyll-gist (1.2.1)
    jekyll-paginate (1.1.0)
    jekyll-redirect-from (0.8.0)
      jekyll (>= 2.0)
    jekyll-sass-converter (1.3.0)
      sass (~> 3.2)
    jekyll-smartify (0.0.3)
      liquid (>= 2.5, < 4.0)
      redcarpet (~> 3.1)
    jekyll-tagging (1.0.1)
      ruby-nuggets
    jekyll-timeago (0.8.2)
    jekyll-watch (1.2.1)
      listen (~> 2.7)
    jekyll_version_plugin (1.0.2)
    json (1.8.3)
    kramdown (1.8.0)
    libv8 (3.16.14.11)
    liquid (2.6.3)
    liquid_pluralize (1.0.2)
      liquid (>= 2.6, < 4.0)
    liquid_reading_time (1.1.2)
      liquid (>= 2.6, < 4.0)
      nokogiri (~> 1.6)
    listen (2.10.1)
      celluloid (~> 0.16.0)
      rb-fsevent (>= 0.9.3)
      rb-inotify (>= 0.9)
    mercenary (0.3.5)
    method_source (0.8.2)
    mini_portile (0.6.2)
    multi_css (0.1.0)
      css_press
    multi_js (0.1.0)
      uglifier (~> 2)
    multi_json (1.11.2)
    nokogiri (1.6.6.2)
      mini_portile (~> 0.6.0)
    nuggets (1.0.0)
    octopress (3.0.11)
      jekyll (>= 2.0)
      mercenary (~> 0.3.2)
      octopress-deploy
      octopress-escape-code (~> 2.0)
      octopress-hooks (~> 2.0)
      redcarpet (~> 3.0)
      titlecase
    octopress-abort-tag (1.0.2)
      jekyll (~> 2.0)
      octopress-tag-helpers (~> 1.0)
    octopress-asset-pipeline (2.0.5)
      octopress-ink (~> 1.1.0)
    octopress-autoprefixer (1.0.1)
      autoprefixer-rails (~> 2.2)
      jekyll (>= 2.0)
      octopress-hooks (~> 2.0)
    octopress-code-highlighter (4.2.6)
      colorator (~> 0.1)
      octopress-hooks
    octopress-codefence (1.6.1)
      octopress-code-highlighter (~> 4.2)
      octopress-hooks (~> 2.1)
    octopress-comment-tag (1.0.1)
      jekyll
    octopress-date-format (3.0.3)
      jekyll (>= 2.0)
    octopress-debugger (1.0.2)
      jekyll
      pry-byebug
    octopress-deploy (1.3.0)
      colorator
    octopress-escape-code (2.0.6)
      octopress-hooks (~> 2.0)
    octopress-feeds (2.0.4)
      octopress-date-format
      octopress-ink (~> 1.0)
      octopress-return-tag
    octopress-filters (1.3.3)
      jekyll
      octopress-hooks (~> 2.0)
      rubypants-unicode
      titlecase
    octopress-gist (1.3.5)
      octopress-code-highlighter (~> 4.2)
    octopress-hooks (2.6.1)
      jekyll (>= 2.0)
    octopress-image-tag (1.1.0)
      jekyll
    octopress-include-tag (1.1.3)
      jekyll (>= 2.0)
      octopress-tag-helpers (~> 1.0)
    octopress-ink (1.1.4)
      jekyll (>= 2.0)
      octopress (~> 3.0)
      octopress-autoprefixer
      octopress-date-format
      octopress-filters (~> 1.1)
      octopress-hooks (~> 2.2)
      octopress-include-tag (~> 1.0)
      uglifier (~> 2.5)
    octopress-linkblog (2.0.2)
      octopress-hooks (~> 2.1)
      titlecase
    octopress-littlefoot (1.0.2)
      octopress-ink (~> 1.0)
    octopress-markdown-tag (1.1.2)
      jekyll (~> 2.0)
    octopress-minify-html (1.3.0)
      html_press (~> 0.8)
      jekyll (>= 2.0)
      octopress-hooks
    octopress-pullquote-tag (1.0.1)
      jekyll
      rubypants-unicode
    octopress-quote-tag (1.0.4)
      jekyll
      rubypants
    octopress-return-tag (1.0.1)
      jekyll
      octopress-tag-helpers (~> 1.0)
    octopress-tag-helpers (1.0.8)
      jekyll (>= 2.0)
    octopress-video-tag (1.1.1)
      jekyll (~> 2.0)
    parallel (1.6.1)
    parser (2.2.2.6)
      ast (>= 1.1, < 3.0)
    parslet (1.5.0)
      blankslate (~> 2.0)
    posix-spawn (0.3.11)
    powerpack (0.1.1)
    pry (0.10.1)
      coderay (~> 1.1.0)
      method_source (~> 0.8.1)
      slop (~> 3.4)
    pry-byebug (3.2.0)
      byebug (~> 5.0)
      pry (~> 0.10)
    pygments.rb (0.6.3)
      posix-spawn (~> 0.3.6)
      yajl-ruby (~> 1.2.0)
    rainbow (2.0.0)
    rb-fsevent (0.9.5)
    rb-inotify (0.9.5)
      ffi (>= 0.5.0)
    redcarpet (3.3.2)
    ref (2.0.0)
    rubocop (0.32.1)
      astrolabe (~> 1.3)
      parser (>= 2.2.2.5, < 3.0)
      powerpack (~> 0.1)
      rainbow (>= 1.99.1, < 3.0)
      ruby-progressbar (~> 1.4)
    ruby-nuggets (1.0.0)
      nuggets (= 1.0.0)
    ruby-progressbar (1.7.5)
    rubypants (0.2.0)
    rubypants-unicode (0.2.5)
    safe_yaml (1.0.4)
    sass (3.4.16)
    scss_lint (0.40.1)
      rainbow (~> 2.0)
      sass (~> 3.4.1)
    slop (3.6.0)
    therubyracer (0.12.2)
      libv8 (~> 3.16.14.0)
      ref
    timers (4.0.1)
      hitimes
    titlecase (0.1.1)
    toml (0.1.2)
      parslet (~> 1.5.0)
    typhoeus (0.7.2)
      ethon (>= 0.7.4)
    uglifier (2.7.1)
      execjs (>= 0.3.0)
      json (>= 1.8.0)
    yajl-ruby (1.2.1)
    yell (2.0.5)

PLATFORMS
  ruby

DEPENDENCIES
  coffee-script (>= 2.3.0)
  compass (>= 1.0.3)
  compass-h5bp (>= 1.0.0)
  font-awesome-sass (>= 4.3.0)
  html-proofer (>= 2.1.0)
  jekyll (>= 2.5.3)
  jekyll-auto-image (>= 1.0.1)
  jekyll-compass (>= 1.2.0)
  jekyll-redirect-from (>= 0.6.2)
  jekyll-smartify (>= 0.0.3)
  jekyll-tagging (>= 1.0.1)
  jekyll-timeago (>= 0.8.2)
  jekyll_version_plugin (>= 1.0.2)
  liquid_pluralize (>= 1.0.1)
  liquid_reading_time (>= 1.1.1)
  octopress (>= 3.0.11)
  octopress-abort-tag (>= 1.0.2)
  octopress-asset-pipeline (>= 2.0.5)
  octopress-codefence (>= 1.6.1)
  octopress-comment-tag (>= 1.0.1)
  octopress-date-format (>= 3.0.3)
  octopress-debugger (>= 1.0.2)
  octopress-escape-code (>= 2.0.6)
  octopress-feeds (>= 2.0.4)
  octopress-gist (>= 1.3.5)
  octopress-image-tag (>= 1.1.0)
  octopress-ink (>= 1.1.4)
  octopress-linkblog (>= 2.0.2)
  octopress-littlefoot (>= 1.0.2)
  octopress-markdown-tag (>= 1.1.2)
  octopress-minify-html (>= 1.3.0)
  octopress-pullquote-tag (>= 1.0.1)
  octopress-quote-tag (>= 1.0.4)
  octopress-video-tag (>= 1.1.1)
  rubocop (>= 0.15.0)
  scss_lint (>= 0.33.0)
  therubyracer (>= 0.12.2)

BUNDLED WITH
   1.10.6
